GEM
  remote: https://api.rubygems.org/
  specs:
    rack (1.6.4)

PLATFORMS
  ruby

DEPENDENCIES
  rack (~> 1.6.4)
